PATH
  remote: .
  specs:
    mad_math (0.0.0)

GEM
  remote: https://rubygems.org/
  specs:
    cane (3.0.0)
      parallel
    diff-lcs (1.2.5)
    gems (0.8.3)
    parallel (1.9.0)
    rake (11.3.0)
    rake_tasks (5.0.0)
      rake
    rspec (3.5.0)
      rspec-core (~> 3.5.0)
      rspec-expectations (~> 3.5.0)
      rspec-mocks (~> 3.5.0)
    rspec-core (3.5.4)
      rspec-support (~> 3.5.0)
    rspec-expectations (3.5.0)
      diff-lcs (>= 1.2.0, < 2.0)
      rspec-support (~> 3.5.0)
    rspec-mocks (3.5.0)
      diff-lcs (>= 1.2.0, < 2.0)
      rspec-support (~> 3.5.0)
    rspec-support (3.5.0)
    travis-yaml (0.2.0)
    wwtd (1.3.0)

PLATFORMS
  ruby

DEPENDENCIES
  cane
  gems
  mad_math!
  rake
  rake_tasks
  rspec
  travis-yaml
  wwtd

BUNDLED WITH
   1.12.5
